PATH
  remote: .
  specs:
    code-scanning-standard (0.0.1.alpha)
      standard (>= 0.5, < 1)

GEM
  remote: https://rubygems.org/
  specs:
    ast (2.4.1)
    minitest (5.14.2)
    parallel (1.19.2)
    parser (2.7.1.4)
      ast (~> 2.4.1)
    rainbow (3.0.0)
    rake (13.0.1)
    regexp_parser (1.7.1)
    rexml (3.2.4)
    rubocop (0.90.0)
      parallel (~> 1.10)
      parser (>= 2.7.1.1)
      rainbow (>= 2.2.2, < 4.0)
      regexp_parser (>= 1.7)
      rexml
      rubocop-ast (>= 0.3.0, < 1.0)
      ruby-progressbar (~> 1.7)
      unicode-display_width (>= 1.4.0, < 2.0)
    rubocop-ast (0.3.0)
      parser (>= 2.7.1.4)
    rubocop-performance (1.8.0)
      rubocop (>= 0.87.0)
    ruby-progressbar (1.10.1)
    standard (0.6.0)
      rubocop (~> 0.90)
      rubocop-performance (~> 1.8.0)
    unicode-display_width (1.7.0)

PLATFORMS
  ruby

DEPENDENCIES
  code-scanning-standard!
  minitest (~> 5.0)
  rake (~> 13.0)

BUNDLED WITH
   2.1.4
